GEM
  remote: https://rubygems.org/
  specs:
    explicit-eval (0.0.0)

PLATFORMS
  ruby

DEPENDENCIES
  explicit-eval

BUNDLED WITH
   1.12.5
